GEM
  remote: https://rubygems.org/
  specs:
    addressable (2.3.2)
    builder (3.0.0)
    dalli (1.1.3)
    httparty (0.11.0)
      multi_json (~> 1.0)
      multi_xml (>= 0.5.2)
    json (1.8.0)
    kgio (2.6.0)
    memcachier (0.0.2)
    multi_json (1.7.9)
    multi_xml (0.5.5)
    newrelic_rpm (3.3.3)
    nokogiri (1.5.2)
    open_uri_redirections (0.1.4)
    rack (1.6.12)
    rack-cache (1.2)
      rack (>= 0.4)
    rack-canonical-host (0.0.8)
      addressable
      rack (~> 1.0)
    rack-protection (1.2.0)
      rack
    raindrops (0.7.0)
    raygun4ruby (0.0.6)
      httparty (~> 0.11)
      json
      rack
    rdiscount (1.6.8)
    sinatra (1.3.2)
      rack (~> 1.3, >= 1.3.6)
      rack-protection (~> 1.2)
      tilt (~> 1.3, >= 1.3.3)
    slim (2.0.2)
      temple (~> 0.6.6)
      tilt (>= 1.3.3, < 2.1)
    temple (0.6.7)
    tilt (1.4.1)
    unicorn (4.1.1)
      kgio (~> 2.4)
      rack
      raindrops (~> 0.6)

PLATFORMS
  ruby

DEPENDENCIES
  builder
  dalli
  memcachier
  newrelic_rpm
  nokogiri
  open_uri_redirections
  rack-cache
  rack-canonical-host
  raygun4ruby
  rdiscount
  sinatra
  slim
  unicorn
